GEM
  remote: https://rubygems.org/
  specs:
    activesupport (2.3.5)
    friendly (0.6.0)
      activesupport (= 2.3.5)
      rufus-json (= 0.2.3)
      sequel (>= 3.7.0)
      will_paginate
    json (1.8.3)
    mysql (2.9.1)
    rake (10.4.2)
    rufus-json (0.2.3)
    sequel (3.48.0)
    will_paginate (3.0.7)

PLATFORMS
  ruby

DEPENDENCIES
  friendly
  json
  mysql
  rake
  sequel (= 3.48.0)

BUNDLED WITH
   1.10.6
